GIT
  remote: git://github.com/jorgenpt/jenkins-plugin-runtime.git
  revision: 4d44d4875006ef38400c4df78b7aaeb5ae1a9aec
  branch: bump-version
  specs:
    jenkins-plugin-runtime (0.1.9)
      json

GEM
  remote: http://rubygems.org/
  specs:
    jenkins-plugin (0.1.13)
      bundler
      jenkins-plugin-runtime (~> 0.1.6)
      jenkins-war (>= 1.427)
      rubyzip
      thor
    jenkins-war (1.434)
    json (1.6.1-java)
    rubyzip (0.9.4)
    thor (0.14.6)

PLATFORMS
  java

DEPENDENCIES
  jenkins-plugin (~> 0.1.13)
  jenkins-plugin-runtime!
