GEM
  remote: http://rubygems.org/
  specs:
    jenkins-plugin (0.1.13)
      bundler
      jenkins-plugin-runtime (~> 0.1.6)
      jenkins-war (>= 1.427)
      rubyzip
      thor
    jenkins-plugin-runtime (0.1.10)
      json
    jenkins-war (1.434)
    json (1.6.1-java)
    rubyzip (0.9.4)
    thor (0.14.6)

PLATFORMS
  java

DEPENDENCIES
  jenkins-plugin (~> 0.1.13)
  jenkins-plugin-runtime (~> 0.1.9)
